PATH
  remote: .
  specs:
    instapaper-api (0.0.2)
      addressable (~> 2.2.6)
      faraday (~> 0.8.8)
      simple_oauth (~> 0.1.5)

GEM
  remote: http://rubygems.org/
  specs:
    addressable (2.2.8)
    crack (0.4.1)
      safe_yaml (~> 0.9.0)
    diff-lcs (1.2.5)
    faraday (0.8.8)
      multipart-post (~> 1.2.0)
    multipart-post (1.2.0)
    rspec (2.14.1)
      rspec-core (~> 2.14.0)
      rspec-expectations (~> 2.14.0)
      rspec-mocks (~> 2.14.0)
    rspec-core (2.14.7)
    rspec-expectations (2.14.4)
      diff-lcs (>= 1.1.3, < 2.0)
    rspec-mocks (2.14.4)
    safe_yaml (0.9.7)
    simple_oauth (0.1.9)
    webmock (1.16.1)
      addressable (>= 2.2.7)
      crack (>= 0.3.2)

PLATFORMS
  ruby

DEPENDENCIES
  instapaper-api!
  rspec (~> 2.14.1)
  webmock (~> 1.16.1)
